GEM
  remote: http://rubygems.org/
  specs:
    json (1.6.5)

PLATFORMS
  ruby

DEPENDENCIES
  json
